GEM
  remote: https://rubygems.org/
  specs:
    base64 (0.2.0)
    byebug (11.1.3)
    dotenv (2.8.1)
    event_stream_parser (1.0.0)
    faraday (2.7.12)
      base64
      faraday-net_http (>= 2.0, < 3.1)
      ruby2_keywords (>= 0.0.4)
    faraday-multipart (1.0.4)
      multipart-post (~> 2)
    faraday-net_http (3.0.2)
    httparty (0.21.0)
      mini_mime (>= 1.0.0)
      multi_xml (>= 0.5.2)
    mini_mime (1.1.5)
    multi_xml (0.6.0)
    multipart-post (2.3.0)
    optimist (3.0.1)
    ruby-openai (6.3.0)
      event_stream_parser (>= 0.3.0, < 2.0.0)
      faraday (>= 1)
      faraday-multipart (>= 1)
    ruby2_keywords (0.0.5)

PLATFORMS
  arm64-darwin-21
  arm64-darwin-23

DEPENDENCIES
  byebug (~> 11.1, >= 11.1.3)
  dotenv (~> 2.8, >= 2.8.1)
  httparty (~> 0.21.0)
  optimist (~> 3.0, >= 3.0.1)
  ruby-openai

BUNDLED WITH
   2.4.21
